GEM
  remote: https://rubygems.org/
  specs:
    sass (3.4.18)

PLATFORMS
  ruby

DEPENDENCIES
  sass

BUNDLED WITH
   1.10.6
